GEM
  remote: https://rubygems.org/
  specs:
    erubis (2.7.0)
    minitest (5.15.0)
    rack (1.6.13)
    rack-protection (1.5.5)
      rack
    rack-test (1.1.0)
      rack (>= 1.0, < 3)
    sinatra (1.4.8)
      rack (~> 1.5)
      rack-protection (~> 1.4)
      tilt (>= 1.3, < 3)
    tilt (2.0.10)

PLATFORMS
  x86_64-darwin-19
  x86_64-linux

DEPENDENCIES
  erubis
  minitest
  rack-test
  sinatra (~> 1.4.7)

BUNDLED WITH
   2.3.11
